PATH
  remote: .
  specs:
    tsscssd (0.0.2)

GEM
  remote: https://rubygems.org/
  specs:
    rake (10.0.3)

PLATFORMS
  ruby

DEPENDENCIES
  bundler (~> 1.3)
  rake
  tsscssd!
